PATH
  remote: .
  specs:
    milter (0.0.1)
      eventmachine (~> 1.0)

GEM
  remote: https://rubygems.org/
  specs:
    eventmachine (1.0.3)
    rake (10.0.4)

PLATFORMS
  ruby

DEPENDENCIES
  bundler (~> 1.3)
  milter!
  rake
